GEM
  remote: http://ruby.taobao.org/
  specs:
    addressable (2.2.8)
    childprocess (0.3.3)
      ffi (~> 1.0.6)
    ffi (1.0.11)
    libwebsocket (0.1.3)
      addressable
    multi_json (1.3.6)
    rubyzip (0.9.9)
    selenium-webdriver (2.24.0)
      childprocess (>= 0.2.5)
      libwebsocket (~> 0.1.3)
      multi_json (~> 1.0)
      rubyzip

PLATFORMS
  ruby

DEPENDENCIES
  selenium-webdriver
